GEM
  remote: https://rubygems.org/
  specs:
    awesome_print (1.2.0)
    json (1.8.1)
    psych (2.0.1)
    slop (3.4.6)

PLATFORMS
  ruby

DEPENDENCIES
  awesome_print
  json
  psych
  slop
